GEM
  remote: https://rubygems.org/
  specs:
    backports (3.3.1)
    coffee-script (2.2.0)
      coffee-script-source
      execjs
    coffee-script-source (1.6.2)
    daemons (1.1.9)
    eventmachine (1.0.3)
    execjs (1.4.0)
      multi_json (~> 1.0)
    i18n (0.6.9)
    jsmin (1.0.1)
    json (1.7.7)
    multi_json (1.7.4)
    rack (1.5.2)
    rack-protection (1.5.0)
      rack
    rack-test (0.6.2)
      rack (>= 1.0)
    redcarpet (2.3.0)
    sass (3.2.9)
    shotgun (0.9)
      rack (>= 1.0)
    sinatra (1.4.2)
      rack (~> 1.5, >= 1.5.2)
      rack-protection (~> 1.4)
      tilt (~> 1.3, >= 1.3.4)
    sinatra-assetpack (0.2.2)
      backports
      jsmin
      rack-test
      sinatra
      tilt (>= 1.3.0)
    thin (1.5.1)
      daemons (>= 1.0.9)
      eventmachine (>= 0.12.6)
      rack (>= 1.0.0)
    tilt (1.4.1)

PLATFORMS
  ruby

DEPENDENCIES
  coffee-script (= 2.2.0)
  i18n (= 0.6.9)
  json (~> 1.7.7)
  redcarpet (= 2.3.0)
  sass (= 3.2.9)
  shotgun (= 0.9)
  sinatra (= 1.4.2)
  sinatra-assetpack (= 0.2.2)
  thin (= 1.5.1)
